GEM
  remote: https://rubygems.org/
  specs:
    actionview (6.0.1)
      activesupport (= 6.0.1)
      builder (~> 3.1)
      erubi (~> 1.4)
      rails-dom-testing (~> 2.0)
      rails-html-sanitizer (~> 1.1, >= 1.2.0)
    activesupport (6.0.1)
      concurrent-ruby (~> 1.0, >= 1.0.2)
      i18n (>= 0.7, < 2)
      minitest (~> 5.1)
      tzinfo (~> 1.1)
      zeitwerk (~> 2.2)
    builder (3.2.3)
    concurrent-ruby (1.1.5)
    crass (1.0.5)
    daemons (1.3.1)
    erubi (1.9.0)
    eventmachine (1.2.7)
    i18n (1.7.0)
      concurrent-ruby (~> 1.0)
    loofah (2.3.1)
      crass (~> 1.0.2)
      nokogiri (>= 1.5.9)
    mini_portile2 (2.4.0)
    minitest (5.13.0)
    mustermann (1.0.3)
    nokogiri (1.10.5)
      mini_portile2 (~> 2.4.0)
    rack (2.0.7)
    rack-protection (2.0.7)
      rack
    rails-dom-testing (2.0.3)
      activesupport (>= 4.2.0)
      nokogiri (>= 1.6)
    rails-html-sanitizer (1.3.0)
      loofah (~> 2.3)
    sinatra (2.0.7)
      mustermann (~> 1.0)
      rack (~> 2.0)
      rack-protection (= 2.0.7)
      tilt (~> 2.0)
    thin (1.7.2)
      daemons (~> 1.0, >= 1.0.9)
      eventmachine (~> 1.0, >= 1.0.4)
      rack (>= 1, < 3)
    thread_safe (0.3.6)
    tilt (2.0.10)
    tzinfo (1.2.5)
      thread_safe (~> 0.1)
    zeitwerk (2.2.1)

PLATFORMS
  ruby

DEPENDENCIES
  actionview
  sinatra
  thin

RUBY VERSION
   ruby 2.6.3p62

BUNDLED WITH
   2.0.2
